GEM
  remote: http://rubygems.org/
  specs:
    diff-lcs (1.4.4)
    erubis (2.7.0)
    excon (0.78.1)
    fuubar (2.5.0)
      rspec-core (~> 3.0)
      ruby-progressbar (~> 1.4)
    heroics (0.1.1)
      erubis (~> 2.0)
      excon
      moneta
      multi_json (>= 1.9.2)
    infinity_test (1.0.3)
      notifiers (>= 1.1.0)
      watchr (>= 0.7)
    mocha (1.11.2)
    moneta (1.0.0)
    multi_json (1.15.0)
    notifiers (1.2.2)
    platform-api (3.2.0)
      heroics (~> 0.1.1)
      moneta (~> 1.0.0)
      rate_throttle_client (~> 0.1.0)
    rate_throttle_client (0.1.2)
    rspec (3.10.0)
      rspec-core (~> 3.10.0)
      rspec-expectations (~> 3.10.0)
      rspec-mocks (~> 3.10.0)
    rspec-core (3.10.0)
      rspec-support (~> 3.10.0)
    rspec-expectations (3.10.0)
      diff-lcs (>= 1.2.0, < 2.0)
      rspec-support (~> 3.10.0)
    rspec-mocks (3.10.0)
      diff-lcs (>= 1.2.0, < 2.0)
      rspec-support (~> 3.10.0)
    rspec-support (3.10.0)
    ruby-progressbar (1.10.1)
    rush (0.6.8)
      session
    session (3.2.0)
    timecop (0.9.2)
    watchr (0.7)

PLATFORMS
  ruby

DEPENDENCIES
  fuubar
  infinity_test
  mocha
  platform-api
  rspec
  rush
  timecop

BUNDLED WITH
   2.1.4
